GEM
  remote: https://rubygems.org/
  specs:
    json (2.6.3)
    mini_portile2 (2.8.2)
    nokogiri (1.15.2)
      mini_portile2 (~> 2.8.2)
      racc (~> 1.4)
    omnidocx (0.1.4)
      nokogiri (~> 1.6)
      rubyzip (~> 1.1, >= 1.1.6)
    racc (1.6.2)
    roo (2.10.0)
      nokogiri (~> 1)
      rubyzip (>= 1.3.0, < 3.0.0)
    rubyzip (1.3.0)
    sablon (0.3.2)
      nokogiri (>= 1.8.5)
      rubyzip (>= 1.1.1)

PLATFORMS
  ruby

DEPENDENCIES
  json
  omnidocx
  roo
  sablon

BUNDLED WITH
   2.1.4
