GEM
  remote: https://rubygems.org/
  specs:
    docx (0.8.0)
      nokogiri (~> 1.13, >= 1.13.0)
      rubyzip (~> 2.0)
    json (2.6.3)
    nokogiri (1.14.3-x64-mingw32)
      racc (~> 1.4)
    nokogiri (1.14.3-x86_64-linux)
      racc (~> 1.4)
    racc (1.6.2)
    roo (2.10.0)
      nokogiri (~> 1)
      rubyzip (>= 1.3.0, < 3.0.0)
    rubyzip (2.3.2)
    sablon (0.3.2)
      nokogiri (>= 1.8.5)
      rubyzip (>= 1.1.1)

PLATFORMS
  x64-mingw32
  x86_64-linux

DEPENDENCIES
  docx
  json
  roo
  sablon

BUNDLED WITH
   2.4.12
