GEM
  remote: https://rubygems.org/
  specs:
    json (2.6.3)
    mini_portile2 (2.8.2)
    nokogiri (1.15.2)
      mini_portile2 (~> 2.8.2)
      racc (~> 1.4)
    nokogiri (1.15.2-x64-mingw32)
      racc (~> 1.4)
    racc (1.6.2)
    roo (2.10.0)
      nokogiri (~> 1)
      rubyzip (>= 1.3.0, < 3.0.0)
    rubyzip (1.3.0)
    sablon (0.3.2)
      nokogiri (>= 1.8.5)
      rubyzip (>= 1.1.1)

PLATFORMS
  ruby
  x64-mingw32

DEPENDENCIES
  json
  roo
  sablon

BUNDLED WITH
   2.4.12
